GEM
  remote: https://rubygems.org/
  specs:
    rake (12.3.3)
    sqlite3 (1.4.1)

PLATFORMS
  ruby

DEPENDENCIES
  rake
  sqlite3

BUNDLED WITH
   2.0.1
